PATH
  remote: .
  specs:
    lyrics_japanese (1.0.1)
      natto (>= 1.2.0)
      yaml (>= 0.1.0)

GEM
  remote: https://rubygems.org/
  specs:
    activesupport (6.0.3)
      concurrent-ruby (~> 1.0, >= 1.0.2)
      i18n (>= 0.7, < 2)
      minitest (~> 5.1)
      tzinfo (~> 1.1)
      zeitwerk (~> 2.2, >= 2.2.2)
    addressable (2.7.0)
      public_suffix (>= 2.0.2, < 5.0)
    ast (2.4.0)
    async (1.24.2)
      console (~> 1.0)
      nio4r (~> 2.3)
      timers (~> 4.1)
    async-http (0.51.2)
      async (~> 1.23)
      async-io (~> 1.28)
      async-pool (~> 0.2)
      protocol-http (~> 0.18.0)
      protocol-http1 (~> 0.12.0)
      protocol-http2 (~> 0.13.0)
    async-http-faraday (0.9.0)
      async-http (~> 0.42)
      faraday
    async-io (1.28.0)
      async (~> 1.14)
    async-pool (0.2.0)
      async (~> 1.8)
    byebug (11.1.3)
    coderay (1.1.2)
    concurrent-ruby (1.1.6)
    console (1.8.2)
    diff-lcs (1.3)
    faraday (1.0.1)
      multipart-post (>= 1.2, < 3)
    faraday-http-cache (2.2.0)
      faraday (>= 0.8)
    ffi (1.12.2)
    github_changelog_generator (1.15.2)
      activesupport
      async-http-faraday
      faraday-http-cache
      multi_json
      octokit (~> 4.6)
      rainbow (>= 2.2.1)
      rake (>= 10.0)
      retriable (~> 3.0)
    i18n (1.8.2)
      concurrent-ruby (~> 1.0)
    method_source (1.0.0)
    minitest (5.14.1)
    multi_json (1.14.1)
    multipart-post (2.1.1)
    natto (1.2.0)
      ffi (>= 1.9.0)
    nio4r (2.5.2)
    octokit (4.18.0)
      faraday (>= 0.9)
      sawyer (~> 0.8.0, >= 0.5.3)
    parallel (1.19.1)
    parser (2.7.1.2)
      ast (~> 2.4.0)
    protocol-hpack (1.4.2)
    protocol-http (0.18.0)
    protocol-http1 (0.12.0)
      protocol-http (~> 0.18)
    protocol-http2 (0.13.3)
      protocol-hpack (~> 1.4)
      protocol-http (~> 0.18)
    pry (0.13.1)
      coderay (~> 1.1)
      method_source (~> 1.0)
    pry-byebug (3.9.0)
      byebug (~> 11.0)
      pry (~> 0.13.0)
    public_suffix (4.0.5)
    rainbow (3.0.0)
    rake (12.3.3)
    retriable (3.1.2)
    rexml (3.2.4)
    rspec (3.9.0)
      rspec-core (~> 3.9.0)
      rspec-expectations (~> 3.9.0)
      rspec-mocks (~> 3.9.0)
    rspec-core (3.9.2)
      rspec-support (~> 3.9.3)
    rspec-expectations (3.9.2)
      diff-lcs (>= 1.2.0, < 2.0)
      rspec-support (~> 3.9.0)
    rspec-mocks (3.9.1)
      diff-lcs (>= 1.2.0, < 2.0)
      rspec-support (~> 3.9.0)
    rspec-support (3.9.3)
    rubocop (0.83.0)
      parallel (~> 1.10)
      parser (>= 2.7.0.1)
      rainbow (>= 2.2.2, < 4.0)
      rexml
      ruby-progressbar (~> 1.7)
      unicode-display_width (>= 1.4.0, < 2.0)
    rubocop-performance (1.5.2)
      rubocop (>= 0.71.0)
    rubocop-rspec (1.39.0)
      rubocop (>= 0.68.1)
    ruby-progressbar (1.10.1)
    sawyer (0.8.2)
      addressable (>= 2.3.5)
      faraday (> 0.8, < 2.0)
    thread_safe (0.3.6)
    timers (4.3.0)
    tzinfo (1.2.7)
      thread_safe (~> 0.1)
    unicode-display_width (1.7.0)
    yaml (0.1.0)
    zeitwerk (2.3.0)

PLATFORMS
  ruby

DEPENDENCIES
  bundler (~> 2.0)
  github_changelog_generator (>= 1.15.2)
  lyrics_japanese!
  pry (>= 0.13.1)
  pry-byebug (>= 3.9.0)
  rake (~> 12.0)
  rspec (~> 3.0)
  rubocop (>= 0.83.0)
  rubocop-performance (>= 1.5.2)
  rubocop-rspec (>= 1.39.0)

BUNDLED WITH
   2.1.4
